GEM
  remote: https://rubygems.org/
  specs:
    dotenv (2.2.0)
    dwolla_v2 (1.2.0)
      faraday (~> 0.9)
      faraday_middleware (~> 0.10)
      hashie (~> 3.4)
      public_suffix (~> 1.4.6)
    faraday (0.11.0)
      multipart-post (>= 1.2, < 3)
    faraday_middleware (0.11.0.1)
      faraday (>= 0.7.4, < 1.0)
    hashie (3.5.5)
    json (2.0.2)
    multipart-post (2.0.0)
    mustermann (1.0.0)
    public_suffix (1.4.6)
    rack (2.0.3)
    rack-protection (2.0.0)
      rack
    shotgun (0.9.2)
      rack (>= 1.0)
    sinatra (2.0.0)
      mustermann (~> 1.0)
      rack (~> 2.0)
      rack-protection (= 2.0.0)
      tilt (~> 2.0)
    tilt (2.0.7)

PLATFORMS
  ruby

DEPENDENCIES
  dotenv
  dwolla_v2
  json
  shotgun
  sinatra

BUNDLED WITH
   1.15.1
