GEM
  remote: https://rubygems.org/
  specs:
    dotenv (2.2.0)
    dwolla_v2 (1.2.0)
      faraday (~> 0.9)
      faraday_middleware (~> 0.10)
      hashie (~> 3.4)
      public_suffix (~> 1.4.6)
    faraday (0.11.0)
      multipart-post (>= 1.2, < 3)
    faraday_middleware (0.11.0.1)
      faraday (>= 0.7.4, < 1.0)
    hashie (3.5.5)
    multipart-post (2.0.0)
    public_suffix (1.4.6)

PLATFORMS
  ruby

DEPENDENCIES
  dotenv
  dwolla_v2

BUNDLED WITH
   1.13.6
